GEM
  remote: https://rubygems.org/
  specs:
    crass (1.0.1)
    guess_html_encoding (0.0.9)
    mini_portile (0.6.0)
    nokogiri (1.6.3.1)
      mini_portile (= 0.6.0)
    nokogumbo (1.2.0)
      nokogiri
    open_uri_redirections (0.2.1)
    ruby-readability (0.7.0)
      guess_html_encoding (>= 0.0.4)
      nokogiri (>= 1.6.0)
    sanitize (3.1.0)
      crass (~> 1.0.1)
      nokogiri (>= 1.4.4)
      nokogumbo (= 1.2.0)
    similar_text (0.0.4)

PLATFORMS
  ruby

DEPENDENCIES
  nokogiri
  open_uri_redirections
  ruby-readability
  sanitize
  similar_text
