GEM
  remote: https://rubygems.org/
  specs:
    guess_html_encoding (0.0.9)
    mini_portile (0.6.0)
    nokogiri (1.6.3.1)
      mini_portile (= 0.6.0)
    open_uri_redirections (0.2.1)
    ruby-readability (0.7.0)
      guess_html_encoding (>= 0.0.4)
      nokogiri (>= 1.6.0)

PLATFORMS
  ruby

DEPENDENCIES
  open_uri_redirections
  ruby-readability
